GEM
  remote: https://rubygems.org/
  specs:
    bitters (1.1.0)
      bourbon (>= 4.2)
      sass (>= 3.4)
      thor
    bourbon (4.2.5)
      sass (~> 3.4)
      thor (~> 0.19)
    neat (1.7.2)
      bourbon (>= 4.0)
      sass (>= 3.3)
    refills (0.1.0)
    sass (3.4.18)
    thor (0.19.1)

PLATFORMS
  x64-mingw32

DEPENDENCIES
  bitters
  bourbon
  neat
  refills
  sass
